PATH
  remote: .
  specs:
    embedded (0.1.1)
      activerecord (>= 3.2)

GEM
  remote: https://rubygems.org/
  specs:
    activemodel (3.2.22.5)
      activesupport (= 3.2.22.5)
      builder (~> 3.0.0)
    activerecord (3.2.22.5)
      activemodel (= 3.2.22.5)
      activesupport (= 3.2.22.5)
      arel (~> 3.0.2)
      tzinfo (~> 0.3.29)
    activesupport (3.2.22.5)
      i18n (~> 0.6, >= 0.6.4)
      multi_json (~> 1.0)
    arel (3.0.3)
    builder (3.0.4)
    byebug (10.0.2)
    concurrent-ruby (1.0.5)
    i18n (0.9.5)
      concurrent-ruby (~> 1.0)
    minitest (5.11.3)
    multi_json (1.13.1)
    rake (12.3.1)
    sqlite3 (1.3.13)
    tzinfo (0.3.54)

PLATFORMS
  ruby

DEPENDENCIES
  activerecord (~> 3.2.22)
  bundler (~> 1.13)
  byebug (>= 9.0)
  embedded!
  minitest (>= 5.11)
  rake (>= 12.3)
  sqlite3 (>= 1.3)

BUNDLED WITH
   1.16.1
